GEM
  remote: https://rubygems.org/
  specs:
    diff-lcs (1.3)
    mustermann (1.0.0)
    puma (2.16.0)
    rack (2.0.2)
    rack-protection (2.0.0)
      rack
    rack-test (0.7.0)
      rack (>= 1.0, < 3)
    rake (12.0.0)
    rspec (3.7.0)
      rspec-core (~> 3.7.0)
      rspec-expectations (~> 3.7.0)
      rspec-mocks (~> 3.7.0)
    rspec-core (3.7.0)
      rspec-support (~> 3.7.0)
    rspec-expectations (3.7.0)
      diff-lcs (>= 1.2.0, < 2.0)
      rspec-support (~> 3.7.0)
    rspec-mocks (3.7.0)
      diff-lcs (>= 1.2.0, < 2.0)
      rspec-support (~> 3.7.0)
    rspec-support (3.7.0)
    sinatra (2.0.0)
      mustermann (~> 1.0)
      rack (~> 2.0)
      rack-protection (= 2.0.0)
      tilt (~> 2.0)
    tilt (2.0.7)

PLATFORMS
  ruby

DEPENDENCIES
  puma (~> 2.16.0)
  rack-test (~> 0.7.0)
  rake
  rspec (~> 3.7.0)
  sinatra (~> 2.0.0)

RUBY VERSION
   ruby 2.4.0p0

BUNDLED WITH
   1.14.6
